FRAMEWORK: >= NET40
NUGET
  remote: https://www.nuget.org/api/v2
    Deedle (1.2.5)
    Deedle.RPlugin (1.2.5)
      Deedle (>= 1.2.5)
      R.NET.Community (>= 1.6.4)
      R.NET.Community.FSharp (>= 1.6.4)
      RProvider (>= 1.1.13)
    DynamicInterop (0.7.4)
    FSharp.Charting (0.90.14)
    FSharp.Core (4.2)
      System.Collections (>= 4.0.11) - framework: >= net463
      System.Console (>= 4.0) - framework: >= net463
      System.Diagnostics.Debug (>= 4.0.11) - framework: >= net463
      System.Diagnostics.Tools (>= 4.0.1) - framework: >= net463
      System.Globalization (>= 4.0.11) - framework: >= net463
      System.IO (>= 4.1) - framework: >= net463
      System.Linq (>= 4.1) - framework: >= net463
      System.Linq.Expressions (>= 4.1) - framework: >= net463
      System.Linq.Queryable (>= 4.0.1) - framework: >= net463
      System.Net.Requests (>= 4.0.11) - framework: >= net463
      System.Reflection (>= 4.1) - framework: >= net463
      System.Reflection.Extensions (>= 4.0.1) - framework: >= net463
      System.Resources.ResourceManager (>= 4.0.1) - framework: >= net463
      System.Runtime (>= 4.1) - framework: >= net463
      System.Runtime.Extensions (>= 4.1) - framework: >= net463
      System.Runtime.Numerics (>= 4.0.1) - framework: >= net463
      System.Text.RegularExpressions (>= 4.1) - framework: >= net463
      System.Threading (>= 4.0.11) - framework: >= net463
      System.Threading.Tasks (>= 4.0.11) - framework: >= net463
      System.Threading.Tasks.Parallel (>= 4.0.1) - framework: >= net463
      System.Threading.Thread (>= 4.0) - framework: >= net463
      System.Threading.ThreadPool (>= 4.0.10) - framework: >= net463
      System.Threading.Timer (>= 4.0.1) - framework: >= net463
    FSharp.Data (2.3.2)
    FsLab (1.0.2)
      Deedle (1.2.5)
      Deedle.RPlugin (1.2.5)
      DynamicInterop (0.7.4)
      FSharp.Charting (0.90.14)
      FSharp.Data (2.3.2)
      Google.DataTable.Net.Wrapper (3.1.2)
      MathNet.Numerics (3.13.1)
      MathNet.Numerics.FSharp (3.13.1)
      Newtonsoft.Json (9.0.1)
      R.NET.Community (1.6.5)
      R.NET.Community.FSharp (1.6.5)
      RProvider (1.1.20)
      Suave (1.1.3)
      XPlot.GoogleCharts (1.4.2)
      XPlot.GoogleCharts.Deedle (1.4.2)
      XPlot.Plotly (1.4.2)
    Google.DataTable.Net.Wrapper (3.1.2)
    MathNet.Numerics (3.13.1)
    MathNet.Numerics.FSharp (3.13.1)
      FSharp.Core (>= 3.1.2.5)
      MathNet.Numerics (3.13.1)
    Newtonsoft.Json (9.0.1)
    R.NET.Community (1.6.5)
      DynamicInterop (0.7.4)
    R.NET.Community.FSharp (1.6.5)
      R.NET.Community (>= 1.6.5)
    RProvider (1.1.20)
      DynamicInterop (0.7.4)
      R.NET.Community (1.6.5)
      R.NET.Community.FSharp (1.6.5)
    Suave (1.1.3)
      FSharp.Core (>= 3.1.2.5)
    System.Collections (4.3) - framework: >= net463
    System.Console (4.3) - framework: >= net463
    System.Diagnostics.Debug (4.3) - framework: >= net463
    System.Diagnostics.Tools (4.3) - framework: >= net463
    System.Globalization (4.3) - framework: >= net463
    System.IO (4.3) - framework: >= net463
    System.Linq (4.3) - framework: >= net463
    System.Linq.Expressions (4.3) - framework: >= net463
    System.Linq.Queryable (4.3) - framework: >= net463
    System.Net.Requests (4.3) - framework: >= net463
    System.Reflection (4.3) - framework: >= net463
    System.Reflection.Extensions (4.3) - framework: >= net463
    System.Resources.ResourceManager (4.3) - framework: >= net463
    System.Runtime (4.3) - framework: >= net463
    System.Runtime.Extensions (4.3) - framework: >= net463
    System.Runtime.Numerics (4.3) - framework: >= net463
    System.Text.RegularExpressions (4.3) - framework: >= net463
    System.Threading (4.3) - framework: >= net463
    System.Threading.Tasks (4.3) - framework: >= net463
    System.Threading.Tasks.Parallel (4.3) - framework: >= net463
    System.Threading.Thread (4.3) - framework: >= net463
    System.Threading.ThreadPool (4.3) - framework: >= net463
    System.Threading.Timer (4.3) - framework: >= net463
    XPlot.GoogleCharts (1.4.2)
      Google.DataTable.Net.Wrapper (3.1.2)
      Newtonsoft.Json (9.0.1)
    XPlot.GoogleCharts.Deedle (1.4.2)
      Deedle (1.2.5)
      XPlot.GoogleCharts (1.4.2)
    XPlot.Plotly (1.4.2)
      Newtonsoft.Json (9.0.1)
